GEM
  remote: https://rubygems.org/
  specs:
    amq-protocol (1.9.2)
    amqp (1.3.0)
      amq-protocol (>= 1.9.2)
      eventmachine
    eventmachine (1.0.3)

PLATFORMS
  ruby

DEPENDENCIES
  amqp (~> 1.3.0)
